PATH
  remote: .
  specs:
    nmon_commands (0.1.0)
      date (~> 0.0.1)
      haml (~> 5.1)
      optimist (~> 3)
      sinatra (~> 2.0)
      sinatra-cross_origin (~> 0.4)

GEM
  remote: https://rubygems.org/
  specs:
    awesome_print (1.8.0)
    date (0.0.1)
    haml (5.1.2)
      temple (>= 0.8.0)
      tilt
    mustermann (1.0.3)
    optimist (3.0.0)
    rack (2.0.7)
    rack-protection (2.0.7)
      rack
    rake (12.3.3)
    sinatra (2.0.7)
      mustermann (~> 1.0)
      rack (~> 2.0)
      rack-protection (= 2.0.7)
      tilt (~> 2.0)
    sinatra-cross_origin (0.4.0)
    temple (0.8.2)
    tilt (2.0.10)

PLATFORMS
  ruby

DEPENDENCIES
  awesome_print (~> 1.8)
  bundler (~> 1.17)
  nmon_commands!
  rake (~> 12.3)

BUNDLED WITH
   1.17.1
