PATH
  remote: .
  specs:
    nmon_commands (0.1.0)
      optimist (~> 3.0)

GEM
  remote: https://rubygems.org/
  specs:
    awesome_print (1.8.0)
    optimist (3.0.0)
    rake (10.5.0)

PLATFORMS
  ruby

DEPENDENCIES
  awesome_print
  bundler (~> 1.16)
  nmon_commands!
  rake (~> 10.0)

BUNDLED WITH
   1.16.0
