PATH
  remote: .
  specs:
    nmon_commands (0.1.0)
      optimist (~> 3.0)
      sinatra

GEM
  remote: https://rubygems.org/
  specs:
    awesome_print (1.8.0)
    mustermann (1.0.3)
    optimist (3.0.0)
    rack (2.0.7)
    rack-protection (2.0.5)
      rack
    rake (10.5.0)
    sinatra (2.0.5)
      mustermann (~> 1.0)
      rack (~> 2.0)
      rack-protection (= 2.0.5)
      tilt (~> 2.0)
    tilt (2.0.9)

PLATFORMS
  ruby

DEPENDENCIES
  awesome_print
  bundler (~> 1.16)
  nmon_commands!
  rake (~> 10.0)

BUNDLED WITH
   1.16.0
